GEM
  remote: https://rubygems.org/
  specs:
    rack (2.2.3)
    tilt (2.0.10)

PLATFORMS
  x86_64-linux

DEPENDENCIES
  rack
  tilt

BUNDLED WITH
   2.3.10
